PATH
  remote: .
  specs:
    wikitext (4.8)

GEM
  remote: https://rubygems.org/
  specs:
    diff-lcs (1.5.0)
    rake (13.0.6)
    rspec (2.99.0)
      rspec-core (~> 2.99.0)
      rspec-expectations (~> 2.99.0)
      rspec-mocks (~> 2.99.0)
    rspec-core (2.99.2)
    rspec-expectations (2.99.2)
      diff-lcs (>= 1.1.3, < 2.0)
    rspec-mocks (2.99.4)
    webrick (1.7.0)
    wopen3 (0.3)
    yard (0.9.27)
      webrick (~> 1.7.0)

PLATFORMS
  x86_64-darwin-20

DEPENDENCIES
  rake (~> 13.0)
  rspec (~> 2.13)
  wikitext!
  wopen3 (~> 0.3)
  yard (~> 0.9)

BUNDLED WITH
   2.3.3
