PATH
  remote: .
  specs:
    wikitext (4.4)

GEM
  remote: https://rubygems.org/
  specs:
    ZenTest (4.11.0)
    diff-lcs (1.2.5)
    rake (10.4.2)
    rspec (2.99.0)
      rspec-core (~> 2.99.0)
      rspec-expectations (~> 2.99.0)
      rspec-mocks (~> 2.99.0)
    rspec-core (2.99.2)
    rspec-expectations (2.99.2)
      diff-lcs (>= 1.1.3, < 2.0)
    rspec-mocks (2.99.4)
    thor (0.17.0)
    wopen3 (0.3)
    yard (0.8.5.2)

PLATFORMS
  ruby

DEPENDENCIES
  ZenTest (~> 4.9)
  rake (~> 10.0)
  rspec (~> 2.13)
  thor (~> 0.17.0)
  wikitext!
  wopen3 (~> 0.3)
  yard (~> 0.8.5.2)

BUNDLED WITH
   1.13.7
