PATH
  remote: .
  specs:
    wikitext (2.1.0.99)

GEM
  remote: http://rubygems.org/
  specs:
    diff-lcs (1.1.2)
    rake (0.8.7)
    rspec (2.0.0)
      rspec-core (= 2.0.0)
      rspec-expectations (= 2.0.0)
      rspec-mocks (= 2.0.0)
    rspec-core (2.0.0)
    rspec-expectations (2.0.0)
      diff-lcs (>= 1.1.2)
    rspec-mocks (2.0.0)
      rspec-core (= 2.0.0)
      rspec-expectations (= 2.0.0)
    thor (0.14.3)
    wopen3 (0.3)
    yard (0.6.1)

PLATFORMS
  ruby

DEPENDENCIES
  rake
  rspec (~> 2.0.0)
  thor
  wikitext!
  wopen3
  yard (>= 0.5.8)
