PATH
  remote: .
  specs:
    wikitext (4.0)

GEM
  remote: https://rubygems.org/
  specs:
    ZenTest (4.5.0)
    diff-lcs (1.1.3)
    rake (0.8.7)
    rspec (2.12.0)
      rspec-core (~> 2.12.0)
      rspec-expectations (~> 2.12.0)
      rspec-mocks (~> 2.12.0)
    rspec-core (2.12.0)
    rspec-expectations (2.12.0)
      diff-lcs (~> 1.1.3)
    rspec-mocks (2.12.0)
    thor (0.14.3)
    wopen3 (0.3)
    yard (0.6.1)

PLATFORMS
  ruby

DEPENDENCIES
  ZenTest
  rake
  rspec (>= 2.0)
  thor
  wikitext!
  wopen3
  yard (>= 0.5.8)
