PATH
  remote: .
  specs:
    wikitext (3.0.1.99)

GEM
  remote: http://rubygems.org/
  specs:
    ZenTest (4.5.0)
    diff-lcs (1.1.2)
    rake (0.8.7)
    rspec (2.6.0)
      rspec-core (~> 2.6.0)
      rspec-expectations (~> 2.6.0)
      rspec-mocks (~> 2.6.0)
    rspec-core (2.6.3)
    rspec-expectations (2.6.0)
      diff-lcs (~> 1.1.2)
    rspec-mocks (2.6.0)
    thor (0.14.3)
    wopen3 (0.3)
    yard (0.6.1)

PLATFORMS
  ruby

DEPENDENCIES
  ZenTest
  rake
  rspec (~> 2.0)
  thor
  wikitext!
  wopen3
  yard (>= 0.5.8)
